GEM
  remote: https://rubygems.org/
  specs:
    blink1-formatter (0.0.4)
      rb-blink1 (~> 0.0.2)
    diff-lcs (1.2.2)
    nyan-cat-formatter (0.5.0)
      rspec (>= 2.13)
    rb-blink1 (0.0.6)
    rspec (2.13.0)
      rspec-core (~> 2.13.0)
      rspec-expectations (~> 2.13.0)
      rspec-mocks (~> 2.13.0)
    rspec-core (2.13.1)
    rspec-expectations (2.13.0)
      diff-lcs (>= 1.1.3, < 2.0)
    rspec-mocks (2.13.0)

PLATFORMS
  ruby

DEPENDENCIES
  blink1-formatter
  nyan-cat-formatter
